GEM
  remote: https://rubygems.org/
  specs:
    erubis (2.7.0)
    rack (1.6.13)
    rack-protection (1.5.5)
      rack
    sinatra (1.4.8)
      rack (~> 1.5)
      rack-protection (~> 1.4)
      tilt (>= 1.3, < 3)
    tilt (2.0.10)

PLATFORMS
  ruby
  x64-mingw32
  x86_64-linux

DEPENDENCIES
  erubis (~> 2.7)
  sinatra (~> 1.4, >= 1.4.7)

BUNDLED WITH
   2.1.4
