GEM
  remote: https://rubygems.org/
  specs:
    erubis (2.7.0)
    mustermann (1.1.1)
      ruby2_keywords (~> 0.0.1)
    rack (2.2.3)
    rack-protection (2.1.0)
      rack
    ruby2_keywords (0.0.2)
    sinatra (2.1.0)
      mustermann (~> 1.0)
      rack (~> 2.2)
      rack-protection (= 2.1.0)
      tilt (~> 2.0)
    tilt (2.0.10)

PLATFORMS
  ruby
  x64-mingw32
  x86_64-linux

DEPENDENCIES
  erubis (~> 2.7)
  rack (>= 2.1.4)
  sinatra (>= 2.1)

BUNDLED WITH
   2.1.4
